PATH
  remote: .
  specs:
    dashruby (0.1)
      ffi (~> 1.9, >= 1.9.3)

GEM
  remote: https://rubygems.org/
  specs:
    ffi (1.9.10)
    rake (10.5.0)

PLATFORMS
  ruby

DEPENDENCIES
  dashruby!
  rake

BUNDLED WITH
   1.10.6
